GEM
  remote: https://rubygems.org/
  specs:
    faraday (0.8.8)
      multipart-post (~> 1.2.0)
    json (1.8.0)
    multipart-post (1.2.0)
    rack (1.5.2)
    yummly (0.0.9)
      faraday (>= 0.8.7)
      json (~> 1.8.0)
      rack (~> 1.5.2)

PLATFORMS
  ruby

DEPENDENCIES
  yummly
